GEM
  remote: https://rubygems.org/
  specs:
    adsf (1.2.1)
      rack (>= 1.0.0)
    colored (1.2)
    concurrent-ruby (1.0.4)
    cri (2.7.1)
      colored (~> 1.2)
    ddplugin (1.0.0)
    hamster (3.0.0)
      concurrent-ruby (~> 1.0)
    nanoc (4.6.0)
      cri (~> 2.3)
      ddplugin (~> 1.0)
      hamster (~> 3.0)
      ref (~> 2.0)
    rack (2.0.1)
    ref (2.0.0)

PLATFORMS
  ruby

DEPENDENCIES
  adsf
  nanoc

BUNDLED WITH
   1.14.3
